GEM
  remote: https://rubygems.org/
  specs:
    rake (13.1.0)

PLATFORMS
  arm64-darwin
  ruby
  x86_64-darwin
  x86_64-linux

DEPENDENCIES

BUNDLED WITH
   2.4.20
