GEM
  remote: https://rubygems.org/
  specs:
    debug (1.9.1)
      irb (~> 1.10)
      reline (>= 0.3.8)
    io-console (0.7.1)
    irb (1.11.0)
      rdoc
      reline (>= 0.3.8)
    psych (5.1.2)
      stringio
    rdoc (6.6.2)
      psych (>= 4.0.0)
    reline (0.4.1)
      io-console (~> 0.5)
    stringio (3.1.0)

PLATFORMS
  arm64-darwin
  ruby
  x86_64-darwin
  x86_64-linux

DEPENDENCIES

BUNDLED WITH
   2.4.20
